PATH
  remote: .
  specs:
    c_lexer (2.6.4.1.1)
      ast (~> 2.4.0)
      parser (= 2.6.4.1)

PATH
  remote: vendor/parser
  specs:
    parser (2.6.4.1)
      ast (~> 2.4.0)

GEM
  remote: https://rubygems.org/
  specs:
    ast (2.4.0)
    cliver (0.3.2)
    coderay (1.1.2)
    docile (1.1.5)
    json (2.1.0)
    method_source (0.9.0)
    minitest (5.11.3)
    pry (0.11.3)
      coderay (~> 1.1.0)
      method_source (~> 0.9.0)
    racc (1.4.14)
    rake (13.0.1)
    rake-compiler (0.9.9)
      rake
    simplecov (0.15.1)
      docile (~> 1.1.0)
      json (>= 1.8, < 3)
      simplecov-html (~> 0.10.0)
    simplecov-html (0.10.2)

PLATFORMS
  ruby

DEPENDENCIES
  bundler
  c_lexer!
  cliver (~> 0.3.2)
  minitest (~> 5.10)
  parser!
  pry
  racc (= 1.4.14)
  rake (~> 13.0)
  rake-compiler (~> 0.9)
  simplecov (~> 0.15.1)

BUNDLED WITH
   1.17.2
